GEM
  remote: https://rubygems.org/
  specs:
    activemodel (7.0.8.1)
      activesupport (= 7.0.8.1)
    activesupport (7.0.8.1)
      concurrent-ruby (~> 1.0, >= 1.0.2)
      i18n (>= 1.6, < 2)
      minitest (>= 5.1)
      tzinfo (~> 2.0)
    concurrent-ruby (1.2.3)
    i18n (1.14.4)
      concurrent-ruby (~> 1.0)
    minitest (5.22.3)
    neo4j (9.6.1)
      activemodel (>= 4.1)
      activesupport (>= 4.1)
      faraday (~> 1.0)
    faraday (1.10.0)
      multipart-post (>= 1.2, < 3)
    multipart-post (2.1.1)
    tzinfo (2.0.6)
      concurrent-ruby (~> 1.0)

PLATFORMS
  x86_64-linux

DEPENDENCIES
  neo4j

RUBY VERSION
   ruby 3.0.2p107

BUNDLED WITH
   2.3.5
