GEM
  remote: https://rubygems.org/
  specs:
    activegraph (11.4.0)
      activemodel (>= 4.0)
      activesupport (>= 4.0)
      i18n (!= 1.8.8)
      neo4j-ruby-driver (>= 4.4.1)
      orm_adapter (~> 0.5.0)
      sorted_set
    activemodel (6.1.7.7)
      activesupport (= 6.1.7.7)
    activesupport (6.1.7.7)
      concurrent-ruby (~> 1.0, >= 1.0.2)
      i18n (>= 1.6, < 2)
      minitest (>= 5.1)
      tzinfo (~> 2.0)
      zeitwerk (~> 2.3)
    async (2.11.0)
      console (~> 1.25, >= 1.25.2)
      fiber-annotation
      io-event (~> 1.5, >= 1.5.1)
      timers (~> 4.1)
    async-io (1.43.2)
      async
    concurrent-ruby (1.2.3)
    connection_pool (2.4.1)
    console (1.25.2)
      fiber-annotation
      fiber-local (~> 1.1)
      json
    fiber-annotation (0.2.0)
    fiber-local (1.1.0)
      fiber-storage
    fiber-storage (0.1.0)
    i18n (1.14.5)
      concurrent-ruby (~> 1.0)
    io-event (1.5.1)
    json (2.7.2)
    minitest (5.22.3)
    neo4j-ruby-driver (4.4.5)
      activesupport (>= 5.2.0)
      async-io
      connection_pool
      zeitwerk (>= 2.1.10)
    orm_adapter (0.5.0)
    rake (13.2.1)
    rbtree (0.4.6)
    set (1.1.0)
    sorted_set (1.0.3)
      rbtree
      set (~> 1.0)
    timers (4.3.5)
    tzinfo (2.0.6)
      concurrent-ruby (~> 1.0)
    zeitwerk (2.6.14)

PLATFORMS
  ruby
  x86_64-linux-gnu

DEPENDENCIES
  activegraph (~> 11.0)
  activesupport (~> 6.1.4)
  neo4j-ruby-driver (~> 4.4)
  rake (~> 13.0)
  rbtree (~> 0.4.6)
  zeitwerk (~> 2.6)

RUBY VERSION
   ruby 3.2.3p157

BUNDLED WITH
   2.5.10
